GIT
  remote: git://github.com/cloudfoundry/cf.git
  revision: 00572b95e8d57def9b7c628f578940c4033f5862
  specs:
    cf (1.1.3.rc1)
      addressable (~> 2.2)
      caldecott-client (~> 0.0.2)
      cfoundry (~> 1.5)
      interact (~> 0.5)
      json_pure (~> 1.6)
      mothership (>= 0.5.1, < 1.0)
      multi_json (~> 1.3)
      rest-client (~> 1.6)
      uuidtools (~> 2.1)

GIT
  remote: git://github.com/cloudfoundry/cfoundry.git
  revision: 5e8b0f50c84a131117b574e77f56820ea145e5d2
  submodules: true
  specs:
    cfoundry (1.5.3)
      activemodel (~> 3.2.13)
      cf-uaa-lib (~> 1.3.10)
      multi_json (~> 1.7)
      multipart-post (~> 1.1)
      rubyzip (~> 0.9)

GEM
  remote: http://rubygems.org/
  specs:
    activemodel (3.2.13)
      activesupport (= 3.2.13)
      builder (~> 3.0.0)
    activesupport (3.2.13)
      i18n (= 0.6.1)
      multi_json (~> 1.0)
    addressable (2.3.4)
    bson (1.8.6)
    bson_ext (1.8.6)
      bson (~> 1.8.6)
    builder (3.0.4)
    caldecott-client (0.0.2)
      multi_json (~> 1.3)
    cf-uaa-lib (1.3.10)
      multi_json
    columnize (0.3.6)
    debugger (1.6.0)
      columnize (>= 0.3.1)
      debugger-linecache (~> 1.2.0)
      debugger-ruby_core_source (~> 1.2.1)
    debugger-linecache (1.2.0)
    debugger-ruby_core_source (1.2.2)
    diff-lcs (1.2.4)
    i18n (0.6.1)
    interact (0.5.2)
    json_pure (1.8.0)
    mime-types (1.23)
    mongo (1.8.6)
      bson (~> 1.8.6)
    mothership (0.5.1)
    multi_json (1.7.4)
    multipart-post (1.2.0)
    nokogiri (1.5.9)
    parallel (0.6.5)
    parallel_tests (0.13.3)
      parallel
    rake (10.0.4)
    rest-client (1.6.7)
      mime-types (>= 1.16)
    rspec (2.13.0)
      rspec-core (~> 2.13.0)
      rspec-expectations (~> 2.13.0)
      rspec-mocks (~> 2.13.0)
    rspec-core (2.13.1)
    rspec-expectations (2.13.0)
      diff-lcs (>= 1.1.3, < 2.0)
    rspec-mocks (2.13.1)
    rubyzip (0.9.9)
    uuidtools (2.1.4)
    vcap_logging (1.0.0)
      rake
    yajl-ruby (1.1.0)

PLATFORMS
  ruby

DEPENDENCIES
  bson_ext
  cf!
  cfoundry!
  debugger
  mongo
  nokogiri
  parallel_tests
  rake
  rest-client
  rspec
  vcap_logging (>= 1.0)
  yajl-ruby
