GIT
  remote: git://github.com/cloudfoundry/cf.git
  revision: 079a19964de22fa185e8a987bd9d9f87a986f5ab
  specs:
    cf (1.0.0)
      addressable (~> 2.2)
      caldecott-client (~> 0.0.2)
      cfoundry (>= 1.0.0, < 1.1)
      interact (~> 0.5)
      json_pure (~> 1.6)
      mothership (>= 0.5.1, < 1.0)
      multi_json (~> 1.3)
      rest-client (~> 1.6)
      uuidtools (~> 2.1)

GIT
  remote: git://github.com/cloudfoundry/cfoundry.git
  revision: 89800eb2a01168e901ca599f46d87b460cff4733
  submodules: true
  specs:
    cfoundry (1.0.0)
      cf-uaa-lib (~> 1.3.10)
      multi_json (~> 1.3)
      multipart-post (~> 1.1)
      rubyzip (~> 0.9)

GEM
  remote: http://rubygems.org/
  specs:
    addressable (2.3.4)
    bson (1.8.4)
    bson_ext (1.8.4)
      bson (~> 1.8.4)
    caldecott-client (0.0.2)
      multi_json (~> 1.3)
    cf-uaa-lib (1.3.10)
      multi_json
    columnize (0.3.6)
    debugger (1.5.0)
      columnize (>= 0.3.1)
      debugger-linecache (~> 1.2.0)
      debugger-ruby_core_source (~> 1.2.0)
    debugger-linecache (1.2.0)
    debugger-ruby_core_source (1.2.0)
    diff-lcs (1.2.2)
    interact (0.5.2)
    json_pure (1.7.7)
    mime-types (1.22)
    mongo (1.8.4)
      bson (~> 1.8.4)
    mothership (0.5.1)
    multi_json (1.7.3)
    multipart-post (1.2.0)
    nokogiri (1.5.9)
    parallel (0.6.4)
    parallel_tests (0.10.4)
      parallel
    rake (10.0.4)
    rest-client (1.6.7)
      mime-types (>= 1.16)
    rspec (2.13.0)
      rspec-core (~> 2.13.0)
      rspec-expectations (~> 2.13.0)
      rspec-mocks (~> 2.13.0)
    rspec-core (2.13.1)
    rspec-expectations (2.13.0)
      diff-lcs (>= 1.1.3, < 2.0)
    rspec-mocks (2.13.0)
    rubyzip (0.9.9)
    uuidtools (2.1.4)
    vcap_logging (1.0.0)
      rake
    yajl-ruby (1.1.0)

PLATFORMS
  ruby

DEPENDENCIES
  bson_ext
  cf!
  cfoundry!
  debugger
  mongo
  nokogiri
  parallel_tests
  rake
  rest-client
  rspec
  vcap_logging (>= 1.0)
  yajl-ruby
