GIT
  remote: git://github.com/cloudfoundry/cfoundry.git
  revision: b0ae70adc237871788c2f3ae1df4e12a45177a9a
  submodules: true
  specs:
    cfoundry (0.7.0.rc8)
      cf-uaa-lib (~> 1.3.10)
      multi_json (~> 1.3)
      multipart-post (~> 1.1)
      rubyzip (~> 0.9)

GIT
  remote: git://github.com/cloudfoundry/console-cf-plugin.git
  revision: a165f4cade721edd637df97d64488560c5913933
  specs:
    console-cf-plugin (0.2.0)
      tunnel-cf-plugin (~> 0.3.0)

GIT
  remote: git://github.com/cloudfoundry/tunnel-cf-plugin.git
  revision: 3800e057d9a6c191e036fb2cad7fdfaaa8fb7432
  specs:
    tunnel-cf-plugin (0.3.0)
      addressable (~> 2.2)
      caldecott-client (~> 0.0.2)
      cfoundry (>= 0.6.1.rc2, < 0.7)
      rest-client (~> 1.6)
      uuidtools (~> 2.1)

GEM
  remote: http://rubygems.org/
  specs:
    addressable (2.3.3)
    bson (1.8.4)
    bson_ext (1.8.4)
      bson (~> 1.8.4)
    caldecott-client (0.0.2)
      multi_json (~> 1.3)
    cf-uaa-lib (1.3.10)
      multi_json
    diff-lcs (1.2.2)
    mime-types (1.22)
    mongo (1.8.4)
      bson (~> 1.8.4)
    multi_json (1.7.2)
    multipart-post (1.2.0)
    nokogiri (1.5.9)
    parallel (0.6.4)
    parallel_tests (0.10.4)
      parallel
    rake (10.0.4)
    rest-client (1.6.7)
      mime-types (>= 1.16)
    rspec (2.13.0)
      rspec-core (~> 2.13.0)
      rspec-expectations (~> 2.13.0)
      rspec-mocks (~> 2.13.0)
    rspec-core (2.13.1)
    rspec-expectations (2.13.0)
      diff-lcs (>= 1.1.3, < 2.0)
    rspec-mocks (2.13.0)
    rubyzip (0.9.9)
    uuidtools (2.1.3)
    vcap_logging (1.0.0)
      rake
    yajl-ruby (1.1.0)

PLATFORMS
  ruby

DEPENDENCIES
  bson_ext
  cfoundry!
  console-cf-plugin!
  mongo
  nokogiri
  parallel_tests
  rake
  rest-client
  rspec
  tunnel-cf-plugin!
  vcap_logging (>= 1.0)
  yajl-ruby
