GIT
  remote: git://github.com/cloudfoundry/cf.git
  revision: a83d7c9b2a0ba8a9f09e959f40bc6486cd2e9e86
  specs:
    cf (4.2.10.rc1)
      addressable (~> 2.2)
      caldecott-client (~> 0.0.2)
      cfoundry (~> 4.0.3)
      interact (~> 0.5)
      json_pure (~> 1.6)
      mothership (>= 0.5.1, < 1.0)
      multi_json (~> 1.3)
      rest-client (~> 1.6)
      uuidtools (~> 2.1)

GIT
  remote: git://github.com/cloudfoundry/cfoundry.git
  revision: da4fa941a79a1f21e92313c09bd1e0c40ef684a8
  submodules: true
  specs:
    cfoundry (4.0.4.rc1)
      activemodel (~> 3.2.13)
      cf-uaa-lib (~> 1.3.10)
      multi_json (~> 1.7)
      multipart-post (~> 1.1)
      rubyzip (~> 0.9)

GEM
  remote: http://rubygems.org/
  specs:
    activemodel (3.2.14)
      activesupport (= 3.2.14)
      builder (~> 3.0.0)
    activesupport (3.2.14)
      i18n (~> 0.6, >= 0.6.4)
      multi_json (~> 1.0)
    addressable (2.3.5)
    beefcake (0.3.7)
    bson (1.9.1)
    bson_ext (1.9.1)
      bson (~> 1.9.1)
    builder (3.0.4)
    caldecott-client (0.0.2)
      multi_json (~> 1.3)
    cf-uaa-lib (1.3.10)
      multi_json
    columnize (0.3.6)
    debugger (1.6.1)
      columnize (>= 0.3.1)
      debugger-linecache (~> 1.2.0)
      debugger-ruby_core_source (~> 1.2.3)
    debugger-linecache (1.2.0)
    debugger-ruby_core_source (1.2.3)
    diff-lcs (1.2.4)
    eventmachine (1.0.3)
    faye-websocket (0.6.2)
      eventmachine (>= 0.12.0)
      websocket-driver (>= 0.2.0)
    i18n (0.6.4)
    interact (0.5.2)
    json_pure (1.8.0)
    mime-types (1.23)
    mini_portile (0.5.1)
    mongo (1.9.1)
      bson (~> 1.9.1)
    mothership (0.5.1)
    multi_json (1.7.7)
    multipart-post (1.2.0)
    nokogiri (1.6.0)
      mini_portile (~> 0.5.0)
    parallel (0.7.1)
    parallel_tests (0.15.0)
      parallel
    rake (10.1.0)
    rest-client (1.6.7)
      mime-types (>= 1.16)
    rspec (2.14.1)
      rspec-core (~> 2.14.0)
      rspec-expectations (~> 2.14.0)
      rspec-mocks (~> 2.14.0)
    rspec-core (2.14.4)
    rspec-expectations (2.14.0)
      diff-lcs (>= 1.1.3, < 2.0)
    rspec-mocks (2.14.2)
    rubyzip (0.9.9)
    tail-cf-plugin (0.0.18.pre)
      beefcake (~> 0.3.7)
      cf (>= 4.2.5, < 5.0)
      faye-websocket (~> 0.6.1)
    uuidtools (2.1.4)
    vcap_logging (1.0.0)
      rake
    websocket-driver (0.2.1)
    yajl-ruby (1.1.0)

PLATFORMS
  ruby

DEPENDENCIES
  bson_ext
  cf!
  cfoundry!
  debugger
  mongo
  nokogiri
  parallel_tests
  rake
  rest-client
  rspec
  tail-cf-plugin (~> 0.0.18.pre)
  vcap_logging (>= 1.0)
  yajl-ruby
